PATH
  remote: .
  specs:
    narwhal (0.1.0)
      activejob (~> 4.2.0.rc2)
      activesupport (~> 4.2.0.rc2)

GEM
  remote: https://rubygems.org/
  specs:
    activejob (4.2.0.rc2)
      activesupport (= 4.2.0.rc2)
      globalid (>= 0.3.0)
    activesupport (4.2.0.rc2)
      i18n (>= 0.7.0.beta1, < 0.8)
      json (~> 1.7, >= 1.7.7)
      minitest (~> 5.1)
      thread_safe (~> 0.1)
      tzinfo (~> 1.1)
    globalid (0.3.0)
      activesupport (>= 4.1.0)
    i18n (0.7.0.beta1)
    json (1.8.1)
    minitest (5.4.3)
    rake (10.4.0)
    thread_safe (0.3.4)
    tzinfo (1.2.2)
      thread_safe (~> 0.1)

PLATFORMS
  ruby

DEPENDENCIES
  minitest (~> 5.4)
  narwhal!
  rake (~> 10.0)
